PATH
  remote: .
  specs:
    bri_api (0.7.0)
      faraday (~> 1.0.1)

GEM
  remote: https://rubygems.org/
  specs:
    faraday (1.0.1)
      multipart-post (>= 1.2, < 3)
    multipart-post (2.1.1)

PLATFORMS
  ruby

DEPENDENCIES
  bri_api!
  faraday (~> 1.0.1)

BUNDLED WITH
   2.1.4
